PATH
  remote: .
  specs:
    ey_aws (0.9.1)
      aws-sdk (~> 1.6)
      rest-client (~> 1.6)

GEM
  remote: http://rubygems.org/
  specs:
    addressable (2.3.2)
    aws-sdk (1.6.9)
      httparty (~> 0.7)
      json (~> 1.4)
      nokogiri (>= 1.4.4)
      uuidtools (~> 2.1)
    crack (0.3.1)
    diff-lcs (1.1.3)
    httparty (0.9.0)
      multi_json (~> 1.0)
      multi_xml
    json (1.7.5)
    mime-types (1.19)
    multi_json (1.3.6)
    multi_xml (0.5.1)
    nokogiri (1.5.5)
    rake (0.9.2.2)
    rest-client (1.6.7)
      mime-types (>= 1.16)
    rspec (2.11.0)
      rspec-core (~> 2.11.0)
      rspec-expectations (~> 2.11.0)
      rspec-mocks (~> 2.11.0)
    rspec-core (2.11.1)
    rspec-expectations (2.11.3)
      diff-lcs (~> 1.1.3)
    rspec-mocks (2.11.3)
    uuidtools (2.1.3)
    webmock (1.8.11)
      addressable (>= 2.2.7)
      crack (>= 0.1.7)

PLATFORMS
  ruby

DEPENDENCIES
  ey_aws!
  rake (~> 0.9)
  rspec (~> 2.11)
  webmock (~> 1.8)
